STORAGE: NONE
RESTRICTION: == net46
NUGET
  remote: https://api.nuget.org/v3/index.json
    CommandLineParser (2.9.1)
    FAKE (4.64.18)
    FsCheck (2.16.5)
      FSharp.Core (>= 4.2.3)
    FsCheck.Xunit (2.16.5)
      FsCheck (2.16.5)
      xunit.extensibility.execution (>= 2.2 < 3.0)
    FSharp.Core (5.0)
    gtk-sharp3 (3.22)
    Mono.Cecil (0.11.4)
    StyleCop.Analyzers (1.1.118)
    xunit (2.2) - restriction: && (== net46) (>= net461)
      xunit.assert (2.2)
      xunit.core (2.2)
    xunit.abstractions (2.0.1) - restriction: && (== net46) (>= net461)
    xunit.assert (2.2) - restriction: && (== net46) (>= net461)
    xunit.core (2.2) - restriction: && (== net46) (>= net461)
      xunit.extensibility.core (2.2)
      xunit.extensibility.execution (2.2)
    xunit.extensibility.core (2.2)
    xunit.extensibility.execution (2.2)
      xunit.extensibility.core (2.2)
    xunit.runner.console (2.4.2)
